GEM
  remote: https://rubygems.org/
  specs:
    git (1.2.9.1)
    rake (10.4.2)

PLATFORMS
  ruby

DEPENDENCIES
  git
  rake
